GEM
  remote: https://rubygems.org/
  specs:
    byebug (9.1.0)
    coderay (1.1.2)
    method_source (0.9.0)
    pry (0.11.1)
      coderay (~> 1.1.0)
      method_source (~> 0.9.0)
    pry-byebug (3.5.0)
      byebug (~> 9.1)
      pry (~> 0.10)
    rake (12.1.0)

PLATFORMS
  ruby

DEPENDENCIES
  pry
  pry-byebug
  rake

BUNDLED WITH
   1.16.0.pre.2
